GEM
  specs:
    webrick (1.7.0)

PLATFORMS
  x86_64-darwin-18

DEPENDENCIES
  webrick (~> 1.7)

BUNDLED WITH
   2.2.3
